GEM
  remote: http://rubygems.org/
  specs:
    concord_cacher (0.1.15)

PLATFORMS
  ruby

DEPENDENCIES
  concord_cacher (= 0.1.15)
